GEM
  remote: http://rubygems.org/
  specs:
    adsf (1.1.1)
      rack (>= 1.0.0)
    colored (1.2)
    cri (2.3.0)
      colored (>= 1.2)
    listen (0.7.3)
    mime-types (1.21)
    nanoc (3.6.1)
      cri (~> 2.3)
    nokogiri (1.5.6)
    rack (1.5.2)
    rb-fsevent (0.9.3)
    systemu (2.5.2)

PLATFORMS
  ruby

DEPENDENCIES
  adsf
  listen
  mime-types
  nanoc
  nokogiri
  rack
  rb-fsevent (~> 0.9)
  systemu
